GEM
  remote: http://rubygems.org/
  specs:
    activesupport (3.0.5)
    backports (2.0.3)
    haml (3.0.25)
    i18n (0.5.0)
    kgio (2.3.3)
    monkey-lib (0.5.4)
      backports
    picky-client (2.0.0)
      yajl-ruby (>= 0.7.8)
    rack (1.2.2)
    sinatra (1.2.1)
      rack (~> 1.1)
      tilt (>= 1.2.2, < 2.0)
    sinatra-advanced-routes (0.5.1)
      monkey-lib (~> 0.5.0)
      sinatra (~> 1.0)
      sinatra-sugar (~> 0.5.0)
    sinatra-reloader (0.5.0)
      sinatra (~> 1.0)
      sinatra-advanced-routes (~> 0.5.0)
    sinatra-sugar (0.5.0)
      monkey-lib (~> 0.5.0)
      sinatra (~> 1.0)
    tilt (1.2.2)
    unicorn (3.5.0)
      kgio (~> 2.3)
      rack
    yajl-ruby (0.8.2)

PLATFORMS
  ruby

DEPENDENCIES
  activesupport
  haml
  i18n
  picky-client
  sinatra
  sinatra-reloader
  unicorn
